PATH
  remote: .
  specs:
    specific_install (0.2.8)
      backports

GEM
  remote: https://rubygems.org/
  specs:
    backports (3.3.4)
    diff-lcs (1.2.4)
    multi_json (1.8.0)
    os (0.9.6)
    rake (10.1.0)
    rspec (2.14.1)
      rspec-core (~> 2.14.0)
      rspec-expectations (~> 2.14.0)
      rspec-mocks (~> 2.14.0)
    rspec-core (2.14.5)
    rspec-expectations (2.14.3)
      diff-lcs (>= 1.1.3, < 2.0)
    rspec-mocks (2.14.3)
    sane (0.25.6)
      os
    simplecov (0.7.1)
      multi_json (~> 1.0)
      simplecov-html (~> 0.7.1)
    simplecov-html (0.7.1)
    simplecov-vim (0.0.1)

PLATFORMS
  ruby

DEPENDENCIES
  bundler (~> 1.3)
  rake
  rspec
  sane
  simplecov
  simplecov-vim
  specific_install!
